GEM
  remote: https://rubygems.org/
  specs:
    highline (1.6.20)
    thor (0.18.1)

PLATFORMS
  ruby

DEPENDENCIES
  highline
  thor
